GIT
  remote: git@github.com:jhersh/slather.git
  revision: d4a6a762d625bb0abedc3865e6b9bababe8ce035
  branch: circleci-env
  specs:
    slather (1.7.1)
      clamp (~> 0.6)
      nokogiri (~> 1.6.3)
      xcodeproj (~> 0.24.1)

GEM
  remote: https://rubygems.org/
  specs:
    activesupport (4.2.1)
      i18n (~> 0.7)
      json (~> 1.7, >= 1.7.7)
      minitest (~> 5.1)
      thread_safe (~> 0.3, >= 0.3.4)
      tzinfo (~> 1.1)
    claide (0.8.1)
    clamp (0.6.5)
    cocoapods (0.37.1)
      activesupport (>= 3.2.15)
      claide (~> 0.8.1)
      cocoapods-core (= 0.37.1)
      cocoapods-downloader (~> 0.9.0)
      cocoapods-plugins (~> 0.4.2)
      cocoapods-trunk (~> 0.6.0)
      cocoapods-try (~> 0.4.4)
      colored (~> 1.2)
      escape (~> 0.0.4)
      molinillo (~> 0.2.3)
      nap (~> 0.8)
      xcodeproj (~> 0.24.1)
    cocoapods-core (0.37.1)
      activesupport (>= 3.2.15)
      fuzzy_match (~> 2.0.4)
      nap (~> 0.8.0)
    cocoapods-downloader (0.9.0)
    cocoapods-plugins (0.4.2)
      nap
    cocoapods-trunk (0.6.0)
      nap (>= 0.8)
      netrc (= 0.7.8)
    cocoapods-try (0.4.4)
    colored (1.2)
    escape (0.0.4)
    fuzzy_match (2.0.4)
    gli (2.13.0)
    i18n (0.7.0)
    json (1.8.2)
    mini_portile (0.6.2)
    minitest (5.6.1)
    molinillo (0.2.3)
    nap (0.8.0)
    netrc (0.7.8)
    nokogiri (1.6.6.2)
      mini_portile (~> 0.6.0)
    obcd (0.1.0)
      activesupport
      gli
    thread_safe (0.3.5)
    tzinfo (1.2.2)
      thread_safe (~> 0.1)
    xcodeproj (0.24.1)
      activesupport (>= 3)
      colored (~> 1.2)
    xcpretty (0.1.10)

PLATFORMS
  ruby

DEPENDENCIES
  cocoapods
  obcd
  slather!
  xcpretty
